PATH
  remote: .
  specs:
    xero_gateway (2.3.3)
      activesupport
      builder (>= 3.2.2)
      oauth (>= 0.3.6)

GEM
  remote: https://rubygems.org/
  specs:
    activesupport (4.2.5.1)
      i18n (~> 0.7)
      json (~> 1.7, >= 1.7.7)
      minitest (~> 5.1)
      thread_safe (~> 0.3, >= 0.3.4)
      tzinfo (~> 1.1)
    builder (3.2.3)
    i18n (0.7.0)
    json (1.8.3)
    libxml-ruby (2.7.0)
    metaclass (0.0.4)
    minitest (5.8.4)
    mocha (1.1.0)
      metaclass (~> 0.0.1)
    oauth (0.5.1)
    power_assert (0.2.3)
    rake (10.5.0)
    shoulda (3.5.0)
      shoulda-context (~> 1.0, >= 1.0.1)
      shoulda-matchers (>= 1.4.1, < 3.0)
    shoulda-context (1.2.1)
    shoulda-matchers (2.8.0)
      activesupport (>= 3.0.0)
    test-unit (3.0.9)
      power_assert
    thread_safe (0.3.5)
    tzinfo (1.2.2)
      thread_safe (~> 0.1)

PLATFORMS
  ruby

DEPENDENCIES
  bundler
  libxml-ruby
  minitest
  mocha
  rake
  shoulda
  test-unit
  xero_gateway!

BUNDLED WITH
   1.13.2
